PATH
  remote: .
  specs:
    pumog (1.2.0)
      thor (~> 0.19)

GEM
  remote: http://rubygems.org/
  specs:
    diff-lcs (1.4.4)
    rake (13.0.6)
    rspec (3.10.0)
      rspec-core (~> 3.10.0)
      rspec-expectations (~> 3.10.0)
      rspec-mocks (~> 3.10.0)
    rspec-core (3.10.1)
      rspec-support (~> 3.10.0)
    rspec-expectations (3.10.1)
      diff-lcs (>= 1.2.0, < 2.0)
      rspec-support (~> 3.10.0)
    rspec-mocks (3.10.2)
      diff-lcs (>= 1.2.0, < 2.0)
      rspec-support (~> 3.10.0)
    rspec-support (3.10.2)
    thor (0.20.3)

PLATFORMS
  x86_64-linux

DEPENDENCIES
  pumog!
  rake (~> 13.0)
  rspec (~> 3.3)

BUNDLED WITH
   2.2.26
