PATH
  remote: .
  specs:
    pumog (1.2.0)
      thor (~> 0.19)

GEM
  remote: http://rubygems.org/
  specs:
    diff-lcs (1.2.5)
    rake (13.0.6)
    rspec (3.3.0)
      rspec-core (~> 3.3.0)
      rspec-expectations (~> 3.3.0)
      rspec-mocks (~> 3.3.0)
    rspec-core (3.3.2)
      rspec-support (~> 3.3.0)
    rspec-expectations (3.3.1)
      diff-lcs (>= 1.2.0, < 2.0)
      rspec-support (~> 3.3.0)
    rspec-mocks (3.3.2)
      diff-lcs (>= 1.2.0, < 2.0)
      rspec-support (~> 3.3.0)
    rspec-support (3.3.0)
    thor (0.19.1)

PLATFORMS
  ruby

DEPENDENCIES
  pumog!
  rake (~> 13.0)
  rspec (~> 3.3)

BUNDLED WITH
   2.2.26
